GIT
  remote: git://github.com/guard/guard.git
  revision: 1526071769c5aea71100fd6f11d3d926fe882e46
  specs:
    guard (1.5.0)
      listen (>= 0.4.2)
      lumberjack (>= 1.0.2)
      pry (>= 0.9.10)
      thor (>= 0.14.6)

GIT
  remote: git://github.com/guard/listen.git
  revision: eebaeeb5ea73eb4d77f7c58980704b2e623de747
  specs:
    listen (0.5.3)

GEM
  remote: https://rubygems.org/
  specs:
    activesupport (3.2.8)
      i18n (~> 0.6)
      multi_json (~> 1.0)
    addressable (2.3.2)
    bubble-wrap (1.1.4)
    cocoapods (0.15.2)
      activesupport (~> 3.2.6)
      colored (~> 1.2)
      escape (~> 0.0.4)
      faraday (~> 0.8.1)
      json (~> 1.7.3)
      octokit (~> 1.7)
      open4 (~> 1.3.0)
      rake (~> 0.9.0)
      xcodeproj (~> 0.3.5)
    coderay (1.0.8)
    colored (1.2)
    coolline (0.3.0)
    escape (0.0.4)
    faraday (0.8.4)
      multipart-post (~> 1.1)
    faraday_middleware (0.8.8)
      faraday (>= 0.7.4, < 0.9)
    guard-motion (0.1.1)
      guard (>= 1.1.0)
      rake (>= 0.9)
    hashie (1.2.0)
    i18n (0.6.1)
    json (1.7.5)
    lumberjack (1.0.2)
    method_source (0.8.1)
    motion-cocoapods (1.2.1)
      cocoapods (>= 0.14.0)
    motion-redgreen (0.1.0)
    multi_json (1.3.6)
    multipart-post (1.1.5)
    octokit (1.18.0)
      addressable (~> 2.2)
      faraday (~> 0.8)
      faraday_middleware (~> 0.8)
      hashie (~> 1.2)
      multi_json (~> 1.3)
    open4 (1.3.0)
    pry (0.9.10)
      coderay (~> 1.0.5)
      method_source (~> 0.8)
      slop (~> 3.3.1)
    rake (0.9.2.2)
    rb-fsevent (0.9.1)
    slop (3.3.3)
    terminal-notifier-guard (1.5.3)
    thor (0.16.0)
    xcodeproj (0.3.5)
      activesupport (~> 3.2.6)

PLATFORMS
  ruby

DEPENDENCIES
  bubble-wrap
  coolline
  guard!
  guard-motion
  listen!
  motion-cocoapods
  motion-redgreen
  rake
  rb-fsevent (~> 0.9.1)
  terminal-notifier-guard
