GEM
  remote: https://rubygems.org/
  specs:
    bubble-wrap (1.1.4)
    guard (1.4.0)
      listen (>= 0.4.2)
      thor (>= 0.14.6)
    guard-motion (0.1.1)
      guard (>= 1.1.0)
      rake (>= 0.9)
    listen (0.5.3)
    motion-redgreen (0.1.0)
    rake (0.9.2.2)
    rb-fsevent (0.9.1)
    thor (0.16.0)

PLATFORMS
  ruby

DEPENDENCIES
  bubble-wrap
  guard-motion
  motion-redgreen
  rake
  rb-fsevent (~> 0.9.1)
